GEM
  remote: https://rubygems.org/
  specs:
    addressable (2.5.2)
      public_suffix (>= 2.0.2, < 4.0)
    childprocess (0.9.0)
      ffi (~> 1.0, >= 1.0.11)
    coderay (1.1.2)
    faraday (0.15.3)
      multipart-post (>= 1.2, < 3)
    ffi (1.9.25)
    firebase (0.2.8)
      googleauth
      httpclient (>= 2.5.3)
      json
    googleauth (0.6.6)
      faraday (~> 0.12)
      jwt (>= 1.4, < 3.0)
      memoist (~> 0.12)
      multi_json (~> 1.11)
      os (>= 0.9, < 2.0)
      signet (~> 0.7)
    httpclient (2.8.3)
    json (2.1.0)
    jwt (2.1.0)
    memoist (0.16.0)
    method_source (0.9.0)
    multi_json (1.13.1)
    multipart-post (2.0.0)
    os (1.0.0)
    pry (0.11.3)
      coderay (~> 1.1.0)
      method_source (~> 0.9.0)
    public_suffix (3.0.3)
    rubyzip (1.2.2)
    selenium-webdriver (3.14.0)
      childprocess (~> 0.5)
      rubyzip (~> 1.2)
    signet (0.9.2)
      addressable (~> 2.3)
      faraday (~> 0.9)
      jwt (>= 1.5, < 3.0)
      multi_json (~> 1.10)
    watir (6.14.0)
      selenium-webdriver (~> 3.4, >= 3.4.1)
    watir-scroll (0.4.0)
      watir (>= 6.0)

PLATFORMS
  ruby

DEPENDENCIES
  firebase
  pry
  watir
  watir-scroll

BUNDLED WITH
   1.16.3
